GEM
  remote: https://rubygems.org/
  specs:
    backports (3.11.3)
    minitest (5.11.3)
    multi_json (1.13.1)
    mysql2 (0.5.1)
    rack (1.6.10)
    rack-protection (1.5.5)
      rack
    rack-test (0.8.3)
      rack (>= 1.0, < 3)
    rake (10.5.0)
    sequel (5.8.0)
    sinatra (1.4.8)
      rack (~> 1.5)
      rack-protection (~> 1.4)
      tilt (>= 1.3, < 3)
    sinatra-contrib (1.4.7)
      backports (>= 2.0)
      multi_json
      rack-protection
      rack-test
      sinatra (~> 1.4.0)
      tilt (>= 1.3, < 3)
    tilt (2.0.8)

PLATFORMS
  ruby

DEPENDENCIES
  minitest (~> 5.2)
  mysql2
  rack-test (~> 0.6)
  rake (~> 10.0)
  sequel
  sinatra (~> 1.4)
  sinatra-contrib

BUNDLED WITH
   1.16.1
